GIT
  remote: git://github.com/tricknotes/ember-middleman.git
  revision: 985d0a2bbaf7f12aae1e93a5a8377df94109f63b
  specs:
    ember-middleman (0.0.4)
      barber
      ember-data-source (>= 1.0.0.beta3)
      ember-source
      middleman-core (~> 3.0)
      middleman-more (~> 3.0)
      middleman-sprockets (~> 3.0)
      sass

GEM
  remote: https://rubygems.org/
  specs:
    activesupport (3.2.16)
      i18n (~> 0.6, >= 0.6.4)
      multi_json (~> 1.0)
    addressable (2.3.5)
    atomic (1.1.14)
    barber (0.4.2)
      ember-source
      execjs
      handlebars-source
    builder (3.2.2)
    chunky_png (1.3.0)
    coffee-script (2.2.0)
      coffee-script-source
      execjs
    coffee-script-source (1.7.0)
    compass (0.12.2)
      chunky_png (~> 1.2)
      fssm (>= 0.2.7)
      sass (~> 3.1)
    ember-data-source (1.0.0.beta.6)
      ember-source
    ember-source (1.4.0)
      handlebars-source (~> 1.0)
    execjs (1.4.0)
      multi_json (~> 1.0)
    ffi (1.9.3)
    fssm (0.2.10)
    haml (4.0.5)
      tilt
    hamlbars (2.1.0)
      execjs (>= 1.2)
      haml
      sprockets
      tilt
    handlebars-source (1.3.0)
    hike (1.2.3)
    i18n (0.6.9)
    json (1.8.1)
    kramdown (1.3.2)
    listen (1.3.1)
      rb-fsevent (>= 0.9.3)
      rb-inotify (>= 0.9)
      rb-kqueue (>= 0.2)
    middleman (3.2.2)
      coffee-script (~> 2.2.0)
      compass (>= 0.12.2)
      execjs (~> 1.4.0)
      haml (>= 3.1.6)
      kramdown (~> 1.2)
      middleman-core (= 3.2.2)
      middleman-sprockets (>= 3.1.2)
      sass (>= 3.1.20)
      uglifier (~> 2.4.0)
    middleman-blog (3.5.1)
      addressable (~> 2.3.5)
      middleman-core (~> 3.2)
      tzinfo (>= 0.3.0)
    middleman-core (3.2.2)
      activesupport (~> 3.2.6)
      bundler (~> 1.1)
      i18n (~> 0.6.9)
      listen (~> 1.1)
      rack (>= 1.4.5)
      rack-test (~> 0.6.1)
      thor (>= 0.15.2, < 2.0)
      tilt (~> 1.4.1)
    middleman-more (3.1.6)
    middleman-sprockets (3.2.0)
      middleman-core (~> 3.2)
      sprockets (~> 2.1)
      sprockets-helpers (~> 1.0.0)
      sprockets-sass (~> 1.0.0)
    mini_portile (0.5.2)
    multi_json (1.8.4)
    nokogiri (1.6.1)
      mini_portile (~> 0.5.0)
    rack (1.5.2)
    rack-test (0.6.2)
      rack (>= 1.0)
    rake (10.1.1)
    rb-fsevent (0.9.4)
    rb-inotify (0.9.3)
      ffi (>= 0.5.0)
    rb-kqueue (0.2.0)
      ffi (>= 0.5.0)
    sass (3.2.14)
    sprockets (2.10.1)
      hike (~> 1.2)
      multi_json (~> 1.0)
      rack (~> 1.0)
      tilt (~> 1.1, != 1.3.0)
    sprockets-helpers (1.0.1)
      sprockets (~> 2.0)
    sprockets-sass (1.0.2)
      sprockets (~> 2.0)
      tilt (~> 1.1)
    thor (0.18.1)
    thread_safe (0.1.3)
      atomic
    tilt (1.4.1)
    tzinfo (1.1.0)
      thread_safe (~> 0.1)
    uglifier (2.4.0)
      execjs (>= 0.3.0)
      json (>= 1.8.0)
    vendorer (0.1.14)

PLATFORMS
  ruby

DEPENDENCIES
  builder
  ember-middleman!
  ember-source
  hamlbars
  middleman (~> 3.2.0)
  middleman-blog
  nokogiri
  rake
  vendorer
